GEM
  remote: https://rubygems.org/
  specs:
    actionmailer (3.2.10)
      actionpack (= 3.2.10)
      mail (~> 2.4.4)
    actionpack (3.2.10)
      activemodel (= 3.2.10)
      activesupport (= 3.2.10)
      builder (~> 3.0.0)
      erubis (~> 2.7.0)
      journey (~> 1.0.4)
      rack (~> 1.4.0)
      rack-cache (~> 1.2)
      rack-test (~> 0.6.1)
      sprockets (~> 2.2.1)
    activemodel (3.2.10)
      activesupport (= 3.2.10)
      builder (~> 3.0.0)
    activerecord (3.2.10)
      activemodel (= 3.2.10)
      activesupport (= 3.2.10)
      arel (~> 3.0.2)
      tzinfo (~> 0.3.29)
    activeresource (3.2.10)
      activemodel (= 3.2.10)
      activesupport (= 3.2.10)
    activesupport (3.2.10)
      i18n (~> 0.6)
      multi_json (~> 1.0)
    arel (3.0.2)
    better_errors (1.0.1)
      coderay (>= 1.0.0)
      erubis (>= 2.6.6)
    binding_of_caller (0.7.2)
      debug_inspector (>= 0.0.1)
    bitly (0.9.0)
      httparty (>= 0.7.6)
      multi_json (~> 1.3)
      oauth2 (>= 0.5.0, < 0.9)
    builder (3.0.4)
    callsite (0.0.11)
    capybara (2.1.0)
      mime-types (>= 1.16)
      nokogiri (>= 1.3.3)
      rack (>= 1.0.0)
      rack-test (>= 0.5.4)
      xpath (~> 2.0)
    celluloid (0.15.2)
      timers (~> 1.1.0)
    climate_control (0.0.3)
      activesupport (>= 3.0)
    cocaine (0.5.2)
      climate_control (>= 0.0.3, < 1.0)
    coderay (1.1.0)
    coffee-rails (3.2.2)
      coffee-script (>= 2.2.0)
      railties (~> 3.2.0)
    coffee-script (2.2.0)
      coffee-script-source
      execjs
    coffee-script-source (1.6.3)
    curb (0.8.5)
    debug_inspector (0.0.2)
    diff-lcs (1.2.4)
    em-websocket (0.5.0)
      eventmachine (>= 0.12.9)
      http_parser.rb (~> 0.5.3)
    erubis (2.7.0)
    eventmachine (1.0.3)
    execjs (2.0.2)
    factory_girl (4.2.0)
      activesupport (>= 3.0.0)
    factory_girl_rails (4.2.1)
      factory_girl (~> 4.2.0)
      railties (>= 3.0.0)
    faraday (0.8.8)
      multipart-post (~> 1.2.0)
    feedzirra (0.2.1)
      curb (~> 0.8.1)
      loofah (~> 1.2.1)
      nokogiri (~> 1.6.0)
      sax-machine (~> 0.2.1)
    ffi (1.9.0)
    guard (1.4.0)
      listen (>= 0.4.2)
      thor (>= 0.14.6)
    guard-livereload (1.0.3)
      em-websocket (>= 0.2.0)
      guard (>= 1.1.0)
      multi_json (~> 1.0)
    guard-rspec (2.5.4)
      guard (>= 1.1)
      rspec (~> 2.11)
    haml (4.0.3)
      tilt
    haml-rails (0.4)
      actionpack (>= 3.1, < 4.1)
      activesupport (>= 3.1, < 4.1)
      haml (>= 3.1, < 4.1)
      railties (>= 3.1, < 4.1)
    hike (1.2.3)
    http_parser.rb (0.5.3)
    httparty (0.12.0)
      json (~> 1.8)
      multi_xml (>= 0.5.2)
    httpauth (0.2.0)
    i18n (0.6.5)
    journey (1.0.4)
    jquery-rails (3.0.4)
      railties (>= 3.0, < 5.0)
      thor (>= 0.14, < 2.0)
    json (1.8.1)
    jwt (0.1.8)
      multi_json (>= 1.5)
    kaminari (0.14.1)
      actionpack (>= 3.0.0)
      activesupport (>= 3.0.0)
    libv8 (3.16.14.3)
    listen (2.1.1)
      celluloid (>= 0.15.2)
      rb-fsevent (>= 0.9.3)
      rb-inotify (>= 0.9)
    loofah (1.2.1)
      nokogiri (>= 1.4.4)
    mail (2.4.4)
      i18n (>= 0.4.0)
      mime-types (~> 1.16)
      treetop (~> 1.4.8)
    meta_request (0.2.8)
      callsite
      rack-contrib
      railties
    mime-types (1.25)
    mini_portile (0.5.1)
    multi_json (1.8.2)
    multi_xml (0.5.5)
    multipart-post (1.2.0)
    nokogiri (1.6.0)
      mini_portile (~> 0.5.0)
    nyan-cat-formatter (0.5.1)
      rspec (>= 2.13)
    oauth (0.5.5)
    oauth2 (0.8.1)
      faraday (~> 0.8)
      httpauth (~> 0.1)
      jwt (~> 0.1.4)
      multi_json (~> 1.0)
      rack (~> 1.2)
    paperclip (3.5.1)
      activemodel (>= 3.0.0)
      activesupport (>= 3.0.0)
      cocaine (~> 0.5.0)
      mime-types
    pg (0.17.0)
    polyglot (0.3.3)
    rack (1.4.5)
    rack-cache (1.2)
      rack (>= 0.4)
    rack-contrib (1.1.0)
      rack (>= 0.9.1)
    rack-ssl (1.3.3)
      rack
    rack-test (0.6.2)
      rack (>= 1.0)
    rails (3.2.10)
      actionmailer (= 3.2.10)
      actionpack (= 3.2.10)
      activerecord (= 3.2.10)
      activeresource (= 3.2.10)
      activesupport (= 3.2.10)
      bundler (~> 1.0)
      railties (= 3.2.10)
    railties (3.2.10)
      actionpack (= 3.2.10)
      activesupport (= 3.2.10)
      rack-ssl (~> 1.3.2)
      rake (>= 0.8.7)
      rdoc (~> 3.4)
      thor (>= 0.14.6, < 2.0)
    rake (10.1.0)
    rb-fsevent (0.9.3)
    rb-inotify (0.9.2)
      ffi (>= 0.5.0)
    rdoc (3.12.2)
      json (~> 1.4)
    ref (1.0.5)
    rspec (2.14.1)
      rspec-core (~> 2.14.0)
      rspec-expectations (~> 2.14.0)
      rspec-mocks (~> 2.14.0)
    rspec-core (2.14.6)
    rspec-expectations (2.14.3)
      diff-lcs (>= 1.1.3, < 2.0)
    rspec-mocks (2.14.4)
    rspec-rails (2.14.0)
      actionpack (>= 3.0)
      activesupport (>= 3.0)
      railties (>= 3.0)
      rspec-core (~> 2.14.0)
      rspec-expectations (~> 2.14.0)
      rspec-mocks (~> 2.14.0)
    sass (3.2.12)
    sass-rails (3.2.6)
      railties (~> 3.2.0)
      sass (>= 3.1.10)
      tilt (~> 1.3)
    sax-machine (0.2.1)
      nokogiri (~> 1.6.0)
    simple_form (2.1.0)
      actionpack (~> 3.0)
      activemodel (~> 3.0)
    simple_oauth (0.2.0)
    sprockets (2.2.2)
      hike (~> 1.2)
      multi_json (~> 1.0)
      rack (~> 1.0)
      tilt (~> 1.1, != 1.3.0)
    therubyracer (0.12.0)
      libv8 (~> 3.16.14.0)
      ref
    thor (0.18.1)
    tilt (1.4.1)
    timers (1.1.0)
    treetop (1.4.15)
      polyglot
      polyglot (>= 0.3.1)
    twitter (4.8.1)
      faraday (~> 0.8, < 0.10)
      multi_json (~> 1.0)
      simple_oauth (~> 0.2)
    tzinfo (0.3.38)
    uglifier (2.2.1)
      execjs (>= 0.3.0)
      multi_json (~> 1.0, >= 1.0.2)
    underscore-rails (1.5.2)
    xpath (2.0.0)
      nokogiri (~> 1.3)

PLATFORMS
  ruby

DEPENDENCIES
  better_errors
  binding_of_caller
  bitly
  capybara
  coffee-rails (~> 3.2.1)
  factory_girl_rails
  feedzirra
  guard
  guard-livereload
  guard-rspec
  haml
  haml-rails
  jquery-rails
  kaminari
  meta_request
  nyan-cat-formatter
  oauth
  paperclip
  pg
  rails (= 3.2.10)
  rspec-rails
  sass-rails (~> 3.2.3)
  simple_form
  therubyracer
  twitter
  uglifier (>= 1.0.3)
  underscore-rails
